GEM
  remote: https://rubygems.org/
  specs:
    dotenv (2.7.6)
    feedzirra (0.8.0)
    gemoji (3.0.1)
    gemoji-parser (1.3.1)
      gemoji (>= 2.1.0)
    json (2.3.1)
    liquid (4.0.3)
    mini_portile2 (2.4.0)
    nokogiri (1.10.10)
      mini_portile2 (~> 2.4.0)
    quotable (0.0.2)
    rake (13.0.1)

PLATFORMS
  ruby

DEPENDENCIES
  dotenv
  feedzirra
  gemoji-parser
  json
  liquid
  nokogiri
  quotable
  rake

RUBY VERSION
   ruby 2.7.2p137

BUNDLED WITH
   2.1.4
