GEM
  remote: https://rubygems.org/
  specs:
    dotenv (2.8.1)
    json (2.6.3)
    liquid (5.4.0)
    mini_portile2 (2.8.5)
    nokogiri (1.15.4)
      mini_portile2 (~> 2.8.2)
      racc (~> 1.4)
    quotable (0.0.2)
    racc (1.7.2)
    rake (13.1.0)

PLATFORMS
  ruby

DEPENDENCIES
  dotenv
  json
  liquid
  nokogiri
  quotable
  rake

RUBY VERSION
   ruby 3.2.2p53

BUNDLED WITH
   2.1.4
