GEM
  remote: https://rubygems.org/
  specs:
    dotenv (2.7.6)
    json (2.6.1)
    liquid (5.2.0)
    mini_portile2 (2.8.0)
    nokogiri (1.13.3)
      mini_portile2 (~> 2.8.0)
      racc (~> 1.4)
    quotable (0.0.2)
    racc (1.6.0)
    rake (13.0.6)

PLATFORMS
  ruby

DEPENDENCIES
  dotenv
  json
  liquid
  nokogiri
  quotable
  rake

RUBY VERSION
   ruby 2.7.2p137

BUNDLED WITH
   2.1.4
